GEM
  remote: https://rubygems.org/
  specs:
    diff-lcs (1.3)
    minitest (5.13.0)
    redis (4.1.3)
    rspec (3.9.0)
      rspec-core (~> 3.9.0)
      rspec-expectations (~> 3.9.0)
      rspec-mocks (~> 3.9.0)
    rspec-core (3.9.1)
      rspec-support (~> 3.9.1)
    rspec-expectations (3.9.0)
      diff-lcs (>= 1.2.0, < 2.0)
      rspec-support (~> 3.9.0)
    rspec-mocks (3.9.0)
      diff-lcs (>= 1.2.0, < 2.0)
      rspec-support (~> 3.9.0)
    rspec-support (3.9.1)

PLATFORMS
  ruby

DEPENDENCIES
  minitest (~> 5.13)
  redis (~> 4.1)
  rspec (~> 3.9)

BUNDLED WITH
   2.0.2
