GEM
  remote: https://rubygems.org/
  specs:
    minitest (5.13.0)
    redis (4.1.3)

PLATFORMS
  ruby

DEPENDENCIES
  minitest (~> 5.13)
  redis (~> 4.1)

BUNDLED WITH
   2.0.2
