GEM
  remote: https://rubygems.org/
  specs:
    redis (4.1.3)

PLATFORMS
  ruby

DEPENDENCIES
  redis (~> 4.1)

BUNDLED WITH
   2.0.2
